GEM
  remote: http://rubygems.org/
  specs:
    colorize (0.5.8)
    diff-lcs (1.1.3)
    git (1.2.5)
    jeweler (1.8.4)
      bundler (~> 1.0)
      git (>= 1.2.5)
      rake
      rdoc
    json (1.7.3)
    rake (0.9.2.2)
    rdoc (3.12)
      json (~> 1.4)
    rspec (2.11.0)
      rspec-core (~> 2.11.0)
      rspec-expectations (~> 2.11.0)
      rspec-mocks (~> 2.11.0)
    rspec-core (2.11.0)
    rspec-expectations (2.11.1)
      diff-lcs (~> 1.1.3)
    rspec-mocks (2.11.1)
    shoulda (3.0.1)
      shoulda-context (~> 1.0.0)
      shoulda-matchers (~> 1.0.0)
    shoulda-context (1.0.0)
    shoulda-matchers (1.0.0)

PLATFORMS
  ruby

DEPENDENCIES
  bundler (~> 1.0.0)
  colorize (= 0.5.8)
  jeweler (~> 1.8.4)
  rdoc (~> 3.12)
  rspec (= 2.11.0)
  shoulda
